NUGET
  remote: https://nuget.org/api/v2
  specs:
    Extended.Wpf.Toolkit (2.5.0) - framework: >= net46
    FSharp.Collections.ParallelSeq (1.0.2) - framework: >= net46
    WriteableBitmapEx (1.5.0.0) - framework: >= net46
