NUGET
  remote: https://nuget.org/api/v2
  specs:
    Expression.Blend.Sdk (1.0.2) - framework: >= net45
    Extended.Wpf.Toolkit (2.5)
    FSharp.Collections.ParallelSeq (1.0.2)
    FsXaml.Wpf (0.9.9)
      Expression.Blend.Sdk (>= 1.0.2) - framework: >= net45
    WriteableBitmapEx (1.5.0)
